GEM
  remote: https://rubygems.org/
  specs:
    addressable (2.3.8)
    aws-sdk (2.2.4)
      aws-sdk-resources (= 2.2.4)
    aws-sdk-core (2.2.4)
      jmespath (~> 1.0)
    aws-sdk-resources (2.2.4)
      aws-sdk-core (= 2.2.4)
    backports (3.6.7)
    bibtex-ruby (4.0.16)
      latex-decode (~> 0.0)
    builder (3.2.2)
    childprocess (0.5.8)
      ffi (~> 1.0, >= 1.0.11)
    coderay (1.1.0)
    cucumber (2.1.0)
      builder (>= 2.1.2)
      cucumber-core (~> 1.3.0)
      diff-lcs (>= 1.1.3)
      gherkin3 (~> 3.1.0)
      multi_json (>= 1.7.5, < 2.0)
      multi_test (>= 0.1.2)
    cucumber-core (1.3.0)
      gherkin3 (~> 3.1.0)
    descendants_tracker (0.0.4)
      thread_safe (~> 0.3, >= 0.3.1)
    diff-lcs (1.2.5)
    domain_name (0.5.25)
      unf (>= 0.0.5, < 1.0.0)
    ethon (0.8.0)
      ffi (>= 1.3.0)
    facets (3.0.0)
    faraday (0.9.2)
      multipart-post (>= 1.2, < 3)
    faraday_middleware (0.10.0)
      faraday (>= 0.7.4, < 0.10)
    ffi (1.9.10)
    gh (0.14.0)
      addressable
      backports
      faraday (~> 0.8)
      multi_json (~> 1.0)
      net-http-persistent (>= 2.7)
      net-http-pipeline
    gherkin3 (3.1.2)
    ghi (1.0.3)
    github_api (0.13.0)
      addressable (~> 2.3)
      descendants_tracker (~> 0.0.4)
      faraday (~> 0.8, < 0.10)
      hashie (>= 3.4)
      multi_json (>= 1.7.5, < 2.0)
      nokogiri (~> 1.6.6)
      oauth2
    hashie (3.4.3)
    headless (2.2.0)
    highline (1.7.8)
    http-cookie (1.0.2)
      domain_name (~> 0.5)
    jmespath (1.1.3)
    json (1.8.3)
    jwt (1.5.2)
    latex-decode (0.2.2)
      unicode (~> 0.4)
    launchy (2.4.3)
      addressable (~> 2.3)
    mechanize (2.7.3)
      domain_name (~> 0.5, >= 0.5.1)
      http-cookie (~> 1.0)
      mime-types (~> 2.0)
      net-http-digest_auth (~> 1.1, >= 1.1.1)
      net-http-persistent (~> 2.5, >= 2.5.2)
      nokogiri (~> 1.4)
      ntlm-http (~> 0.1, >= 0.1.1)
      webrobots (>= 0.0.9, < 0.2)
    method_source (0.8.2)
    mime-types (2.99)
    mini_portile2 (2.0.0)
    multi_json (1.11.2)
    multi_test (0.1.2)
    multi_xml (0.5.5)
    multipart-post (2.0.0)
    net-http-digest_auth (1.4)
    net-http-persistent (2.9.4)
    net-http-pipeline (1.0.1)
    netrc (0.11.0)
    nokogiri (1.6.7)
      mini_portile2 (~> 2.0.0.rc2)
    ntlm-http (0.1.1)
    oauth2 (1.0.0)
      faraday (>= 0.8, < 0.10)
      jwt (~> 1.0)
      multi_json (~> 1.3)
      multi_xml (~> 0.5)
      rack (~> 1.2)
    os (0.9.6)
    pry (0.9.12.6)
      coderay (~> 1.0)
      method_source (~> 0.8)
      slop (~> 3.4)
    pusher-client (0.6.2)
      json
      websocket (~> 1.0)
    rack (1.6.4)
    rake (10.4.2)
    rchardet (1.6.1)
    rest-client (1.8.0)
      http-cookie (>= 1.0.2, < 2.0)
      mime-types (>= 1.16, < 3.0)
      netrc (~> 0.7)
    rickshaw (0.3.1)
    rspec (3.4.0)
      rspec-core (~> 3.4.0)
      rspec-expectations (~> 3.4.0)
      rspec-mocks (~> 3.4.0)
    rspec-core (3.4.1)
      rspec-support (~> 3.4.0)
    rspec-expectations (3.4.0)
      diff-lcs (>= 1.2.0, < 2.0)
      rspec-support (~> 3.4.0)
    rspec-mocks (3.4.0)
      diff-lcs (>= 1.2.0, < 2.0)
      rspec-support (~> 3.4.0)
    rspec-support (3.4.1)
    rubyzip (1.1.7)
    selenium-webdriver (2.48.1)
      childprocess (~> 0.5)
      multi_json (~> 1.0)
      rubyzip (~> 1.0)
      websocket (~> 1.0)
    slop (3.6.0)
    thread_safe (0.3.5)
    travis (1.8.0)
      addressable (~> 2.3)
      backports
      faraday (~> 0.9)
      faraday_middleware (~> 0.9, >= 0.9.1)
      gh (~> 0.13)
      highline (~> 1.6)
      launchy (~> 2.1)
      pry (~> 0.9, < 0.10)
      pusher-client (~> 0.4)
      typhoeus (~> 0.6, >= 0.6.8)
    travis_parallel_sentinel (0.1.14)
    typhoeus (0.8.0)
      ethon (>= 0.8.0)
    unf (0.1.4)
      unf_ext
    unf_ext (0.0.7.1)
    unicode (0.4.4.2)
    washbullet (0.4.0)
      faraday (~> 0.9.0)
      mime-types
    webrobots (0.1.1)
    websocket (1.2.2)
    zip-zip (0.3)
      rubyzip (>= 1.0.0)
    zotplus-rakehelper (0.0.124)
      nokogiri
      rake
      rest-client
      rickshaw
      rubyzip (>= 1.0.0)
      typhoeus

PLATFORMS
  ruby

DEPENDENCIES
  addressable
  aws-sdk (~> 2)
  bibtex-ruby
  cucumber
  facets
  ghi
  github_api
  headless
  jwt
  mechanize
  nokogiri
  os
  rake
  rchardet
  rest-client
  rspec
  rubyzip (>= 1.0.0)
  selenium-webdriver
  travis
  travis_parallel_sentinel
  typhoeus
  washbullet
  zip-zip
  zotplus-rakehelper

BUNDLED WITH
   1.10.6
